GEM
  remote: http://rubygems.org/
  specs:
    rack (1.5.4)
    rack-protection (1.5.4)
      rack
    sinatra (1.4.5)
      rack (~> 1.5.4)
      rack-protection (~> 1.5.4)
      tilt (~> 1.3, >= 1.3.4)
    tilt (1.4.1)

PLATFORMS
  x86-mingw32

DEPENDENCIES
  sinatra

BUNDLED WITH
   1.10.6
